GEM
  remote: https://rubygems.org/
  specs:
    byebug (11.1.3)
    coderay (1.1.3)
    debug (1.8.0)
      irb (>= 1.5.0)
      reline (>= 0.3.1)
    io-console (0.6.0)
    irb (1.7.0)
      reline (>= 0.3.0)
    method_source (1.0.0)
    pry (0.14.2)
      coderay (~> 1.1)
      method_source (~> 1.0)
    pry-byebug (3.10.1)
      byebug (~> 11.0)
      pry (>= 0.13, < 0.15)
    reline (0.3.5)
      io-console (~> 0.5)

PLATFORMS
  x86_64-linux

DEPENDENCIES
  debug
  pry-byebug

BUNDLED WITH
   2.3.26
